GEM
  remote: https://rubygems.org/
  specs:
    daemons (1.2.3)
    eventmachine (1.0.8)
    eventmachine (1.0.8-java)
    foreman (0.78.0)
      thor (~> 0.19.1)
    rack (1.5.2)
    rack-protection (1.5.3)
      rack
    sinatra (1.4.5)
      rack (~> 1.4)
      rack-protection (~> 1.4)
      tilt (~> 1.3, >= 1.3.4)
    thin (1.6.3)
      daemons (~> 1.0, >= 1.0.9)
      eventmachine (~> 1.0)
      rack (~> 1.0)
    thor (0.19.1)
    tilt (1.4.1)

PLATFORMS
  java
  ruby

DEPENDENCIES
  foreman
  sinatra
  thin

BUNDLED WITH
   1.10.6
